PATH
  remote: .
  specs:
    chef-handler-copperegg (0.1.4)

GEM
  remote: https://rubygems.org/
  specs:

PLATFORMS
  ruby

DEPENDENCIES
  chef-handler-copperegg!
