PATH
  remote: .
  specs:
    chef-handler-copperegg (0.0.8)

GEM
  remote: https://rubygems.org/
  specs:

PLATFORMS
  ruby

DEPENDENCIES
  chef-handler-copperegg!
